GEM
  remote: http://rubygems.org/
  specs:
    haml (4.0.6)
      tilt
    sass (3.4.14)
    terminal-notifier (1.6.3)
    tilt (1.4.1)

PLATFORMS
  ruby

DEPENDENCIES
  haml
  sass (>= 3.4)
  terminal-notifier
